GEM
  remote: https://rubygems.org/
  specs:
    digest-sha3 (1.1.0)
    oj (2.17.4)

PLATFORMS
  ruby

DEPENDENCIES
  digest-sha3
  oj

BUNDLED WITH
   1.12.5
