GEM
  remote: https://rubygems.org/
  specs:
    diff-lcs (1.3)
    digest-sha3 (1.1.0)
    oj (2.18.1)
    rspec-core (3.5.4)
      rspec-support (~> 3.5.0)
    rspec-expectations (3.5.0)
      diff-lcs (>= 1.2.0, < 2.0)
      rspec-support (~> 3.5.0)
    rspec-mocks (3.5.0)
      diff-lcs (>= 1.2.0, < 2.0)
      rspec-support (~> 3.5.0)
    rspec-support (3.5.0)

PLATFORMS
  ruby

DEPENDENCIES
  digest-sha3
  oj
  rspec-core
  rspec-expectations
  rspec-mocks

BUNDLED WITH
   1.14.3
